GEM
  remote: https://rubygems.org/
  specs:
    docile (1.4.0)
    minitest (5.16.2)
    simplecov (0.21.2)
      docile (~> 1.1)
      simplecov-html (~> 0.11)
      simplecov_json_formatter (~> 0.1)
    simplecov-html (0.12.3)
    simplecov_json_formatter (0.1.4)

PLATFORMS
  arm64-darwin-21

DEPENDENCIES
  minitest
  simplecov

RUBY VERSION
   ruby 3.0.3p157

BUNDLED WITH
   2.3.25
