GEM
  remote: https://oss:dOrNgEmlTycsVqJtCwfYpbP3fInu5Nu8@gem.mutant.dev/
  specs:
    mutant-license (0.1.1.2.0098272047315610238225194073103325528547.0)

GEM
  remote: https://rubygems.org/
  specs:
    ast (2.4.2)
    diff-lcs (1.5.0)
    docile (1.4.0)
    minitest (5.16.2)
    mutant (0.11.18)
      diff-lcs (~> 1.3)
      parser (~> 3.2.0)
      regexp_parser (~> 2.6.1)
      sorbet-runtime (~> 0.5.0)
      unparser (~> 0.6.6)
    mutant-minitest (0.11.18)
      minitest (~> 5.11)
      mutant (= 0.11.18)
    parser (3.2.0.0)
      ast (~> 2.4.1)
    regexp_parser (2.6.1)
    simplecov (0.21.2)
      docile (~> 1.1)
      simplecov-html (~> 0.11)
      simplecov_json_formatter (~> 0.1)
    simplecov-html (0.12.3)
    simplecov_json_formatter (0.1.4)
    sorbet-runtime (0.5.10625)
    unparser (0.6.7)
      diff-lcs (~> 1.3)
      parser (>= 3.2.0)

PLATFORMS
  arm64-darwin-21

DEPENDENCIES
  minitest
  mutant-license!
  mutant-minitest
  simplecov

RUBY VERSION
   ruby 3.0.3p157

BUNDLED WITH
   2.3.25
